GEM
  remote: http://rubygems.org/
  specs:
    activerecord (2.2.2)
      activesupport (= 2.2.2)
    activesupport (2.2.2)
    haml (3.1.1)
    mysql (2.8.1)
    rack (1.3.2)
    sinatra (0.9.0.4)
      rack (>= 0.9.1)

PLATFORMS
  ruby

DEPENDENCIES
  activerecord (= 2.2.2)
  haml
  mysql
  sinatra (= 0.9.0.4)
